PATH
  remote: .
  specs:
    activenetsuite (0.1.0)
      activesupport (~> 3.0.0)
      soap4r-ruby1.9 (~> 2.0.5)

GEM
  remote: https://rubygems.org/
  specs:
    activesupport (3.0.20)
    addressable (2.3.5)
    coveralls (0.7.0)
      multi_json (~> 1.3)
      rest-client
      simplecov (>= 0.7)
      term-ansicolor
      thor
    crack (0.4.2)
      safe_yaml (~> 1.0.0)
    diff-lcs (1.2.5)
    docile (1.1.3)
    i18n (0.6.9)
    mime-types (2.1)
    multi_json (1.8.4)
    rake (0.9.6)
    rest-client (1.6.7)
      mime-types (>= 1.16)
    rspec (2.14.1)
      rspec-core (~> 2.14.0)
      rspec-expectations (~> 2.14.0)
      rspec-mocks (~> 2.14.0)
    rspec-core (2.14.7)
    rspec-expectations (2.14.5)
      diff-lcs (>= 1.1.3, < 2.0)
    rspec-mocks (2.14.5)
    safe_yaml (1.0.1)
    simplecov (0.8.2)
      docile (~> 1.1.0)
      multi_json
      simplecov-html (~> 0.8.0)
    simplecov-html (0.8.0)
    soap4r-ruby1.9 (2.0.5)
    term-ansicolor (1.2.2)
      tins (~> 0.8)
    thor (0.18.1)
    tins (0.13.2)
    webmock (1.17.2)
      addressable (>= 2.2.7)
      crack (>= 0.3.2)

PLATFORMS
  ruby

DEPENDENCIES
  activenetsuite!
  coveralls (~> 0.7)
  i18n (~> 0.6.9)
  rake (~> 0.9)
  rspec (~> 2.14)
  simplecov (~> 0.8)
  webmock (~> 1.17)
