PATH
  remote: .
  specs:
    activenetsuite (0.1.0)
      soap4r-ruby1.9

GEM
  remote: https://rubygems.org/
  specs:
    addressable (2.3.5)
    crack (0.4.2)
      safe_yaml (~> 1.0.0)
    docile (1.1.3)
    hoe (3.8.1)
      rake (>= 0.8, < 11.0)
    multi_json (1.8.4)
    rake (10.1.1)
    safe_yaml (1.0.1)
    simplecov (0.8.2)
      docile (~> 1.1.0)
      multi_json
      simplecov-html (~> 0.8.0)
    simplecov-html (0.8.0)
    soap4r-ruby1.9 (2.0.5)
    webmock (1.17.2)
      addressable (>= 2.2.7)
      crack (>= 0.3.2)

PLATFORMS
  ruby

DEPENDENCIES
  activenetsuite!
  hoe
  simplecov
  webmock
